GEM
  remote: http://rubygems.org/
  specs:
    rss-motor (0.0.4)
      xml-motor (>= 0.1.4)
    xml-motor (0.1.4)

PLATFORMS
  ruby

DEPENDENCIES
  rss-motor
