GEM
  remote: http://rubygems.org/
  specs:
    xml-motor (0.1.1)

PLATFORMS
  x86-mingw32

DEPENDENCIES
  xml-motor
