GEM
  remote: http://rubygems.org/
  specs:
    rss-motor (0.1.1)
      xml-motor (>= 0.1.6)
    xml-motor (0.1.6)

PLATFORMS
  ruby

DEPENDENCIES
  rss-motor
