PATH
  remote: .
  specs:
    rss-fanatic (0.0.1)
      rss-motor (>= 0.1.1)

GEM
  remote: http://rubygems.org/
  specs:
    rake (10.0.4)
    rss-motor (0.1.1)
      xml-motor (>= 0.1.6)
    xml-motor (0.1.6)

PLATFORMS
  ruby

DEPENDENCIES
  bundler (~> 1.3)
  rake
  rss-fanatic!
