PATH
  remote: .
  specs:
    rss-fanatic (0.0.1)
      arg0 (>= 0.0.3)
      rss-motor (>= 0.1.1)

GEM
  remote: http://rubygems.org/
  specs:
    arg0 (0.0.3)
    rake (13.0.6)
    rss-motor (0.1.1)
      xml-motor (>= 0.1.6)
    xml-motor (0.1.6)

PLATFORMS
  x86_64-linux

DEPENDENCIES
  bundler (~> 2.3)
  rake
  rss-fanatic!

BUNDLED WITH
   2.3.0
